GEM
  remote: https://rubygems.org/
  specs:
    actionmailer (3.2.13)
      actionpack (= 3.2.13)
      mail (~> 2.5.3)
    actionpack (3.2.13)
      activemodel (= 3.2.13)
      activesupport (= 3.2.13)
      builder (~> 3.0.0)
      erubis (~> 2.7.0)
      journey (~> 1.0.4)
      rack (~> 1.4.5)
      rack-cache (~> 1.2)
      rack-test (~> 0.6.1)
      sprockets (~> 2.2.1)
    activemodel (3.2.13)
      activesupport (= 3.2.13)
      builder (~> 3.0.0)
    activerecord (3.2.13)
      activemodel (= 3.2.13)
      activesupport (= 3.2.13)
      arel (~> 3.0.2)
      tzinfo (~> 0.3.29)
    activeresource (3.2.13)
      activemodel (= 3.2.13)
      activesupport (= 3.2.13)
    activesupport (3.2.13)
      i18n (= 0.6.1)
      multi_json (~> 1.0)
    arel (3.0.2)
    better_errors (0.9.0)
      coderay (>= 1.0.0)
      erubis (>= 2.6.6)
    binding_of_caller (0.7.2)
      debug_inspector (>= 0.0.1)
    bson (1.9.1)
    bson_ext (1.9.1)
      bson (~> 1.9.1)
    builder (3.0.4)
    coderay (1.0.9)
    debug_inspector (0.0.2)
    erubis (2.7.0)
    faraday (0.8.8)
      multipart-post (~> 1.2.0)
    hike (1.2.3)
    hirb (0.7.1)
    i18n (0.6.1)
    journey (1.0.4)
    json (1.8.0)
    mail (2.5.4)
      mime-types (~> 1.16)
      treetop (~> 1.4.8)
    method_source (0.8.2)
    mime-types (1.23)
    mini_portile (0.5.1)
    mongo_ext (0.19.3)
    mongoid (3.0.23)
      activemodel (~> 3.1)
      moped (~> 1.2)
      origin (~> 1.0)
      tzinfo (~> 0.3.22)
    mono_logger (1.1.0)
    moped (1.5.0)
    multi_json (1.7.7)
    multipart-post (1.2.0)
    nokogiri (1.6.0)
      mini_portile (~> 0.5.0)
    origin (1.1.0)
    polyglot (0.3.3)
    pry (0.9.12.2)
      coderay (~> 1.0.5)
      method_source (~> 0.8)
      slop (~> 3.4)
    pry-rails (0.3.2)
      pry (>= 0.9.10)
    rack (1.4.5)
    rack-cache (1.2)
      rack (>= 0.4)
    rack-protection (1.5.0)
      rack
    rack-ssl (1.3.3)
      rack
    rack-test (0.6.2)
      rack (>= 1.0)
    rails (3.2.13)
      actionmailer (= 3.2.13)
      actionpack (= 3.2.13)
      activerecord (= 3.2.13)
      activeresource (= 3.2.13)
      activesupport (= 3.2.13)
      bundler (~> 1.0)
      railties (= 3.2.13)
    railties (3.2.13)
      actionpack (= 3.2.13)
      activesupport (= 3.2.13)
      rack-ssl (~> 1.3.2)
      rake (>= 0.8.7)
      rdoc (~> 3.4)
      thor (>= 0.14.6, < 2.0)
    rake (10.1.0)
    rdoc (3.12.2)
      json (~> 1.4)
    redis (3.0.4)
    redis-namespace (1.3.0)
      redis (~> 3.0.0)
    resque (1.24.1)
      mono_logger (~> 1.0)
      multi_json (~> 1.0)
      redis-namespace (~> 1.2)
      sinatra (>= 0.9.2)
      vegas (~> 0.1.2)
    resque-pool (0.3.0)
      rake
      resque (~> 1.20)
      trollop (~> 1.16)
    simple_oauth (0.2.0)
    sinatra (1.4.3)
      rack (~> 1.4)
      rack-protection (~> 1.4)
      tilt (~> 1.3, >= 1.3.4)
    slop (3.4.6)
    sprockets (2.2.2)
      hike (~> 1.2)
      multi_json (~> 1.0)
      rack (~> 1.0)
      tilt (~> 1.1, != 1.3.0)
    sqlite3 (1.3.7)
    thor (0.18.1)
    tilt (1.4.1)
    treetop (1.4.14)
      polyglot
      polyglot (>= 0.3.1)
    trollop (1.16.2)
    twitter (4.8.1)
      faraday (~> 0.8, < 0.10)
      multi_json (~> 1.0)
      simple_oauth (~> 0.2)
    twitter-text (1.6.1)
      unf (~> 0.0.5)
    tzinfo (0.3.37)
    unf (0.0.5)
      unf_ext
    unf_ext (0.0.6)
    vegas (0.1.11)
      rack (>= 1.0.0)

PLATFORMS
  ruby

DEPENDENCIES
  better_errors
  binding_of_caller
  bson_ext
  hirb
  mongo_ext
  mongoid (~> 3.0.2)
  nokogiri
  pry-rails
  rails (= 3.2.13)
  resque
  resque-pool
  sqlite3
  twitter
  twitter-text
